GEM
  remote: https://rubygems.org/
  specs:
    bson (4.1.1)
    byebug (9.0.5)
    daemons (1.2.4)
    eventmachine (1.2.0.1)
    faraday (0.9.2)
      multipart-post (>= 1.2, < 3)
    faraday_middleware (0.10.0)
      faraday (>= 0.7.4, < 0.10)
    hashie (3.4.4)
    http_parser.rb (0.5.3)
    json (1.8.3)
    mail (2.6.4)
      mime-types (>= 1.16, < 4)
    mime-types (3.1)
      mime-types-data (~> 3.2015)
    mime-types-data (3.2016.0521)
    minitest (2.0.2)
    mongo (2.2.7)
      bson (~> 4.0)
    multi_json (1.12.1)
    multipart-post (2.0.0)
    net-ping (1.7.8)
    rack (1.6.4)
    rack-protection (1.5.3)
      rack
    rake (11.2.2)
    redis (3.3.1)
    simple_oauth (0.1.9)
    sinatra (1.4.7)
      rack (~> 1.5)
      rack-protection (~> 1.4)
      tilt (>= 1.3, < 3)
    thin (1.7.0)
      daemons (~> 1.0, >= 1.0.9)
      eventmachine (~> 1.0, >= 1.0.4)
      rack (>= 1, < 3)
    tilt (2.0.5)
    tinder (1.10.1)
      eventmachine (~> 1.0)
      faraday (~> 0.9.0)
      faraday_middleware (~> 0.9)
      hashie (>= 1.0)
      json (~> 1.8.0)
      mime-types
      multi_json (~> 1.7)
      twitter-stream (~> 0.1)
    twitter-stream (0.1.16)
      eventmachine (>= 0.12.8)
      http_parser.rb (~> 0.5.1)
      simple_oauth (~> 0.1.4)

PLATFORMS
  ruby

DEPENDENCIES
  byebug
  mail
  minitest (~> 2.0.2)
  mongo (~> 2.2)
  net-ping
  rack
  rake
  redis (~> 3.2)
  sinatra
  thin
  tinder

BUNDLED WITH
   1.12.5
