GEM
  remote: https://rubygems.org/
  specs:
    activesupport (3.0.3)
    addressable (2.2.2)
    byebug (9.0.5)
    daemons (1.1.0)
    eventmachine (0.12.10)
    faraday (0.5.4)
      addressable (~> 2.2.2)
      multipart-post (~> 1.1.0)
      rack (>= 1.1.0, < 2)
    i18n (0.5.0)
    mail (2.2.15)
      activesupport (>= 2.3.6)
      i18n (>= 0.4.0)
      mime-types (~> 1.16)
      treetop (~> 1.4.8)
    mime-types (1.16)
    minitest (2.0.2)
    multipart-post (1.1.0)
    net-ping (1.3.7)
    polyglot (0.3.1)
    rack (1.2.1)
    rake (10.4.2)
    redis (3.3.1)
    roauth (0.0.3)
    sinatra (1.1.2)
      rack (~> 1.1)
      tilt (~> 1.2)
    thin (1.2.7)
      daemons (>= 1.0.9)
      eventmachine (>= 0.12.6)
      rack (>= 1.0.0)
    tilt (1.2.2)
    tinder (1.4.3)
      activesupport
      eventmachine
      faraday (~> 0.5.1)
      mime-types
      multipart-post
      twitter-stream
    treetop (1.4.9)
      polyglot (>= 0.3.1)
    twitter-stream (0.1.10)
      eventmachine (>= 0.12.8)
      roauth (>= 0.0.2)

PLATFORMS
  ruby

DEPENDENCIES
  byebug
  mail
  minitest (~> 2.0.2)
  net-ping
  rack
  rake
  redis (~> 3.2)
  sinatra
  thin
  tinder
